PATH
  remote: .
  specs:
    awsstubs (0.1.0)
      aws-sdk (~> 2.2.31, >= 2)

GEM
  remote: https://rubygems.org/
  specs:
    aws-sdk (2.2.33)
      aws-sdk-resources (= 2.2.33)
    aws-sdk-core (2.2.33)
      jmespath (~> 1.0)
    aws-sdk-resources (2.2.33)
      aws-sdk-core (= 2.2.33)
    coderay (1.1.1)
    diff-lcs (1.2.5)
    ffi (1.11.3)
    formatador (0.2.5)
    guard (2.13.0)
      formatador (>= 0.2.4)
      listen (>= 2.7, <= 4.0)
      lumberjack (~> 1.0)
      nenv (~> 0.1)
      notiffany (~> 0.0)
      pry (>= 0.9.12)
      shellany (~> 0.0)
      thor (>= 0.18.1)
    guard-compat (1.2.1)
    guard-rspec (4.6.5)
      guard (~> 2.1)
      guard-compat (~> 1.1)
      rspec (>= 2.99.0, < 4.0)
    jmespath (1.2.4)
      json_pure (>= 1.8.1)
    json_pure (1.8.3)
    listen (3.0.6)
      rb-fsevent (>= 0.9.3)
      rb-inotify (>= 0.9.7)
    lumberjack (1.0.10)
    method_source (0.8.2)
    nenv (0.3.0)
    notiffany (0.0.8)
      nenv (~> 0.1)
      shellany (~> 0.0)
    pry (0.10.3)
      coderay (~> 1.1.0)
      method_source (~> 0.8.1)
      slop (~> 3.4)
    rake (10.5.0)
    rb-fsevent (0.9.7)
    rb-inotify (0.9.7)
      ffi (>= 0.5.0)
    rspec (3.4.0)
      rspec-core (~> 3.4.0)
      rspec-expectations (~> 3.4.0)
      rspec-mocks (~> 3.4.0)
    rspec-core (3.4.4)
      rspec-support (~> 3.4.0)
    rspec-expectations (3.4.0)
      diff-lcs (>= 1.2.0, < 2.0)
      rspec-support (~> 3.4.0)
    rspec-mocks (3.4.1)
      diff-lcs (>= 1.2.0, < 2.0)
      rspec-support (~> 3.4.0)
    rspec-nc (0.2.1)
      rspec (>= 2.9)
      terminal-notifier (>= 1.4)
    rspec-support (3.4.1)
    shellany (0.0.1)
    slop (3.6.0)
    terminal-notifier (1.6.3)
    thor (0.19.1)

PLATFORMS
  ruby

DEPENDENCIES
  awsstubs!
  bundler (~> 1.11)
  guard
  guard-rspec
  rake (~> 10.0)
  rspec (~> 3.0)
  rspec-nc

BUNDLED WITH
   1.11.2
